GIT
  remote: git://github.com/alexch/rerun.git
  revision: db85618e5677314e854850918e1d722284328141
  specs:
    rerun (0.10.0)
      listen (~> 2.7, >= 2.7.3)

GIT
  remote: git://github.com/nathanaeljones/hardwired.git
  revision: 124b23e5dd3adb35d3c496e38bea376c229e1afb
  specs:
    hardwired (0.3.2)
      nokogiri
      sinatra (>= 1.3.3)
      tilt

GEM
  remote: http://rubygems.org/
  specs:
    celluloid (0.15.2)
      timers (~> 1.1.0)
    columnize (0.8.9)
    commonjs (0.2.7)
    daemons (1.1.9)
    debugger (1.6.8)
      columnize (>= 0.3.1)
      debugger-linecache (~> 1.2.0)
      debugger-ruby_core_source (~> 1.3.5)
    debugger-linecache (1.2.0)
    debugger-ruby_core_source (1.3.5)
    erubis (2.7.0)
    eventmachine (1.0.3)
    ffi (1.9.3)
    kramdown (1.4.1)
    less (2.6.0)
      commonjs (~> 0.2.7)
    libv8 (3.16.14.3)
    listen (2.7.9)
      celluloid (>= 0.15.2)
      rb-fsevent (>= 0.9.3)
      rb-inotify (>= 0.9)
    mini_portile (0.6.0)
    nokogiri (1.6.3.1)
      mini_portile (= 0.6.0)
    rack (1.5.2)
    rack-cache (1.2)
      rack (>= 0.4)
    rack-protection (1.5.3)
      rack
    rack-test (0.6.2)
      rack (>= 1.0)
    rake (10.3.2)
    rb-fsevent (0.9.4)
    rb-inotify (0.9.5)
      ffi (>= 0.5.0)
    ref (1.0.5)
    sass (3.4.0)
    shotgun (0.9)
      rack (>= 1.0)
    sinatra (1.4.5)
      rack (~> 1.4)
      rack-protection (~> 1.4)
      tilt (~> 1.3, >= 1.3.4)
    slim (2.0.3)
      temple (~> 0.6.6)
      tilt (>= 1.3.3, < 2.1)
    temple (0.6.8)
    therubyracer (0.12.1)
      libv8 (~> 3.16.14.0)
      ref
    thin (1.6.2)
      daemons (>= 1.0.9)
      eventmachine (>= 1.0.0)
      rack (>= 1.0.0)
    tilt (1.4.1)
    timers (1.1.0)
    webrat (0.7.3)
      nokogiri (>= 1.2.0)
      rack (>= 1.0)
      rack-test (>= 0.5.3)
    yui-compressor (0.12.0)

PLATFORMS
  ruby

DEPENDENCIES
  debugger
  erubis
  hardwired!
  kramdown
  less
  rack-cache
  rack-test
  rake
  rb-fsevent
  rerun!
  sass
  shotgun
  slim
  therubyracer
  thin
  webrat
  yui-compressor
