GIT
  remote: git://github.com/alexch/rerun.git
  revision: 8db720f0f407a7e3f156b508f551bf9ef70e10c6
  specs:
    rerun (0.8.1)
      listen (>= 1.0.3)

GIT
  remote: git://github.com/nathanaeljones/hardwired.git
  revision: 124b23e5dd3adb35d3c496e38bea376c229e1afb
  specs:
    hardwired (0.3.2)
      nokogiri
      sinatra (>= 1.3.3)
      tilt

GIT
  remote: git://github.com/populr/less.rb.git
  revision: 2e451e3d96eaf1361fd8f47ffe2adf67443debc8
  branch: v2.2.2-less1.3.3
  submodules: true
  specs:
    less (2.2.2)
      commonjs (~> 0.2.6)

GIT
  remote: git://github.com/slim-template/slim.git
  revision: daf31673fbc83132c94af1c360bebb63ba115b9b
  specs:
    slim (2.0.0)
      temple (~> 0.6.5)
      tilt (~> 1.3, >= 1.3.3)

GEM
  remote: http://rubygems.org/
  specs:
    POpen4 (0.1.4)
      Platform (>= 0.4.0)
      open4
    Platform (0.4.0)
    columnize (0.3.6)
    commonjs (0.2.6)
    daemons (1.1.9)
    debugger (1.6.0)
      columnize (>= 0.3.1)
      debugger-linecache (~> 1.2.0)
      debugger-ruby_core_source (~> 1.2.1)
    debugger-linecache (1.2.0)
    debugger-ruby_core_source (1.2.2)
    erubis (2.7.0)
    eventmachine (1.0.3)
    ffi (1.8.1)
    honeybadger (1.6.2)
      json
    json (1.8.0)
    kramdown (1.0.2)
    libv8 (3.11.8.17)
    listen (1.1.6)
      rb-fsevent (>= 0.9.3)
      rb-inotify (>= 0.9)
      rb-kqueue (>= 0.2)
    nokogiri (1.5.9)
    open4 (1.3.0)
    rack (1.5.2)
    rack-cache (1.2)
      rack (>= 0.4)
    rack-protection (1.5.0)
      rack
    rack-test (0.6.2)
      rack (>= 1.0)
    rb-fsevent (0.9.3)
    rb-inotify (0.9.0)
      ffi (>= 0.5.0)
    rb-kqueue (0.2.0)
      ffi (>= 0.5.0)
    ref (1.0.5)
    sass (3.2.9)
    shotgun (0.9)
      rack (>= 1.0)
    sinatra (1.4.2)
      rack (~> 1.5, >= 1.5.2)
      rack-protection (~> 1.4)
      tilt (~> 1.3, >= 1.3.4)
    temple (0.6.5)
    therubyracer (0.11.4)
      libv8 (~> 3.11.8.12)
      ref
    thin (1.5.1)
      daemons (>= 1.0.9)
      eventmachine (>= 0.12.6)
      rack (>= 1.0.0)
    tilt (1.4.1)
    yui-compressor (0.9.6)
      POpen4 (>= 0.1.4)

PLATFORMS
  ruby

DEPENDENCIES
  debugger
  erubis
  hardwired!
  honeybadger
  kramdown
  less!
  rack-cache
  rack-test
  rb-fsevent
  rerun!
  sass
  shotgun
  slim!
  therubyracer
  thin
  yui-compressor
