GIT
  remote: git://github.com/alexch/rerun.git
  revision: 724ba37104ca644e632403da406d3beab1821b20
  specs:
    rerun (0.11.0)
      listen (~> 3.0)

GIT
  remote: git://github.com/nathanaeljones/hardwired.git
  revision: 545579b932ed9d30af4e219dfbee43b5f4c5f329
  branch: develop
  specs:
    hardwired (0.4)
      erubis
      nokogiri
      sinatra (>= 1.3.3)
      tilt (>= 2.0.1)

GEM
  remote: http://rubygems.org/
  specs:
    coderay (1.1.0)
    commonjs (0.2.7)
    erubis (2.7.0)
    ffi (1.9.10)
    github-markdown (0.6.9)
    kramdown (1.9.0)
    less (2.6.0)
      commonjs (~> 0.2.7)
    libv8 (3.16.14.13)
    listen (3.0.3)
      rb-fsevent (>= 0.9.3)
      rb-inotify (>= 0.9)
    method_source (0.8.2)
    mini_portile (0.6.2)
    nokogiri (1.6.6.2)
      mini_portile (~> 0.6.0)
    pry (0.10.3)
      coderay (~> 1.1.0)
      method_source (~> 0.8.1)
      slop (~> 3.4)
    puma (2.14.0)
    rack (1.6.4)
    rack-cache (1.5.1)
      rack (>= 0.4)
    rack-protection (1.5.3)
      rack
    rack-test (0.6.3)
      rack (>= 1.0)
    rake (10.4.2)
    rb-fsevent (0.9.6)
    rb-inotify (0.9.5)
      ffi (>= 0.5.0)
    ref (2.0.0)
    sass (3.4.19)
    shotgun (0.9.1)
      rack (>= 1.0)
    sinatra (1.4.6)
      rack (~> 1.4)
      rack-protection (~> 1.4)
      tilt (>= 1.3, < 3)
    slim (3.0.6)
      temple (~> 0.7.3)
      tilt (>= 1.3.3, < 2.1)
    slop (3.6.0)
    temple (0.7.6)
    therubyracer (0.12.2)
      libv8 (~> 3.16.14.0)
      ref
    tilt (2.0.1)
    webrat (0.7.3)
      nokogiri (>= 1.2.0)
      rack (>= 1.0)
      rack-test (>= 0.5.3)
    yui-compressor (0.12.0)

PLATFORMS
  ruby

DEPENDENCIES
  erubis
  github-markdown (~> 0.6.8)
  hardwired!
  kramdown
  less
  pry
  puma
  rack-cache
  rack-test
  rake
  rb-fsevent
  rerun!
  sass
  shotgun
  slim
  therubyracer
  webrat
  yui-compressor

BUNDLED WITH
   1.10.6
